PATH
  remote: .
  specs:
    wowbagger (0.1.0.alpha1)

GEM
  remote: https://rubygems.org/
  specs:
    awesome_print (1.6.1)
    aws-sdk (2.2.37)
      aws-sdk-resources (= 2.2.37)
    aws-sdk-core (2.2.37)
      jmespath (~> 1.0)
    aws-sdk-resources (2.2.37)
      aws-sdk-core (= 2.2.37)
    binding.repl (3.0.0)
    binding_of_caller (0.7.2)
      debug_inspector (>= 0.0.1)
    bond (0.5.1)
    cd (1.0.1)
    clipboard (1.1.0)
    code (0.9.0)
      coderay (~> 1.1)
      method_source (~> 0.8, >= 0.8.2)
    coderay (1.1.1)
    debug_inspector (0.0.2)
    debugging (1.1.0)
      binding.repl (~> 3.0)
      paint (>= 0.9, < 2.0)
    diff-lcs (1.2.5)
    dotenv (2.1.1)
    every_day_irb (2.0.0)
      cd (~> 1.0)
    fancy_irb (1.0.2)
      paint (>= 0.9, < 2.0)
      unicode-display_width (~> 1.0)
    ffi (1.9.10)
    hirb (0.7.3)
    instance (0.2.0)
    interactive_editor (0.0.10)
      spoon (>= 0.0.1)
    irbtools (2.0.1)
      binding.repl (~> 3.0)
      clipboard (~> 1.0, >= 1.0.6)
      code (~> 0.9)
      coderay (~> 1.1)
      debugging (~> 1.1)
      every_day_irb (~> 2.0)
      fancy_irb (~> 1.0)
      hirb (~> 0.7, >= 0.7.3)
      instance (~> 0.2)
      interactive_editor (~> 0.0, >= 0.0.10)
      method_locator (~> 0.0, >= 0.0.4)
      methodfinder (~> 2.0)
      ori (~> 0.1.0)
      os (~> 0.9)
      paint (>= 0.9, < 2.0)
      ruby_engine (~> 1.0)
      ruby_info (~> 1.0)
      ruby_version (~> 1.0)
      wirb (~> 2.0)
    jmespath (1.2.4)
      json_pure (>= 1.8.1)
    json_pure (1.8.3)
    method_locator (0.0.4)
    method_source (0.8.2)
    methodfinder (2.0.0)
    ori (0.1.0)
    os (0.9.6)
    paint (1.0.1)
    rake (10.5.0)
    rspec (3.4.0)
      rspec-core (~> 3.4.0)
      rspec-expectations (~> 3.4.0)
      rspec-mocks (~> 3.4.0)
    rspec-core (3.4.4)
      rspec-support (~> 3.4.0)
    rspec-expectations (3.4.0)
      diff-lcs (>= 1.2.0, < 2.0)
      rspec-support (~> 3.4.0)
    rspec-mocks (3.4.1)
      diff-lcs (>= 1.2.0, < 2.0)
      rspec-support (~> 3.4.0)
    rspec-support (3.4.1)
    ruby_engine (1.0.1)
    ruby_info (1.0.1)
    ruby_version (1.0.1)
    spoon (0.0.4)
      ffi
    unicode-display_width (1.0.3)
    wirb (2.0.0)
      paint (>= 0.9, < 2.0)
    yard (0.8.7.6)

PLATFORMS
  ruby

DEPENDENCIES
  awesome_print (~> 1.6)
  aws-sdk (~> 2)
  binding_of_caller (~> 0.7)
  bond (~> 0.5)
  bundler (~> 1.11)
  dotenv (~> 2)
  irbtools
  rake (~> 10.0)
  rspec (~> 3.0)
  wowbagger!
  yard (~> 0.8)

BUNDLED WITH
   1.11.2
